GEM
  remote: https://rubygems.org/
  specs:
    httparty (0.14.0)
      multi_xml (>= 0.5.2)
    multi_xml (0.5.5)
    speedtest (0.2.3)
      httparty (~> 0.13)

PLATFORMS
  ruby

DEPENDENCIES
  httparty
  speedtest

BUNDLED WITH
   1.13.1
